GEM
  remote: https://rubygems.org/
  specs:
    sass (3.4.23)

PLATFORMS
  x64-mingw32

DEPENDENCIES
  sass

RUBY VERSION
   ruby 2.3.3p222

BUNDLED WITH
   1.14.4
